PATH
  remote: ../roolz
  specs:
    roolz (0.1.0)
      rack (~> 2.0.7)

GEM
  remote: https://rubygems.org/
  specs:
    rack (2.0.7)

PLATFORMS
  ruby

DEPENDENCIES
  roolz!

BUNDLED WITH
   2.0.2
